GIT
  remote: git://github.com/KingCrunch/capistrano3-php5fpm.git
  revision: 18ffbf9242960254d7fcc8daca5337de624789d6
  specs:
    capistrano3-php5fpm (0.1.0)
      capistrano (>= 3.0.0)

GEM
  remote: https://rubygems.org/
  specs:
    capistrano (3.3.5)
      capistrano-stats (~> 1.1.0)
      i18n
      rake (>= 10.0.0)
      sshkit (~> 1.3)
    capistrano-stats (1.1.1)
    colorize (0.7.5)
    i18n (0.7.0)
    net-scp (1.2.1)
      net-ssh (>= 2.6.5)
    net-ssh (2.9.2)
    rake (10.4.2)
    sshkit (1.6.1)
      colorize (>= 0.7.0)
      net-scp (>= 1.1.2)
      net-ssh (>= 2.8.0)

PLATFORMS
  ruby

DEPENDENCIES
  capistrano
  capistrano3-php5fpm (~> 0.1)!
